GEM
  remote: https://rubygems.org/
  specs:
    coderay (1.1.2)
    faraday (0.13.1)
      multipart-post (>= 1.2, < 3)
    method_source (0.9.2)
    mini_portile2 (2.8.0)
    multipart-post (2.0.0)
    nokogiri (1.13.5)
      mini_portile2 (~> 2.8.0)
      racc (~> 1.4)
    pry (0.12.2)
      coderay (~> 1.1.0)
      method_source (~> 0.9.0)
    racc (1.6.0)

PLATFORMS
  ruby

DEPENDENCIES
  faraday
  nokogiri
  pry

BUNDLED WITH
   2.1.4
